GEM
  remote: http://rubygems.org/
  specs:
    ffi (1.9.0)
    listen (0.7.3)
    rb-inotify (0.8.8)
      ffi (>= 0.5.0)
    sass (3.2.10)

PLATFORMS
  ruby

DEPENDENCIES
  listen
  rb-inotify (~> 0.8.8)
  sass
